GEM
  remote: https://rubygems.org/
  specs:
    activesupport (6.1.7.2)
      concurrent-ruby (~> 1.0, >= 1.0.2)
      i18n (>= 1.6, < 2)
      minitest (>= 5.1)
      tzinfo (~> 2.0)
      zeitwerk (~> 2.3)
    builder (3.2.4)
    concurrent-ruby (1.2.0)
    faraday (1.0.1)
      multipart-post (>= 1.2, < 3)
    faraday_middleware (1.2.0)
      faraday (~> 1.0)
    i18n (1.12.0)
      concurrent-ruby (~> 1.0)
    json (2.6.3)
    manageiq-api-client (0.3.6)
      activesupport (>= 5.0, < 7.0)
      faraday (~> 1.0.0)
      faraday_middleware (~> 1.0)
      json (~> 2.3)
      more_core_extensions
      query_relation
    minitest (5.17.0)
    more_core_extensions (4.4.0)
      activesupport
      sync
    multipart-post (2.3.0)
    nokogiri (1.14.2-x86_64-linux)
      racc (~> 1.4)
    optimist (3.0.1)
    query_relation (0.1.1)
      activesupport
      more_core_extensions
    racc (1.6.2)
    rbvmomi2 (3.6.0)
      builder (~> 3.2)
      json (~> 2.3)
      nokogiri (~> 1.12, >= 1.12.5)
      optimist (~> 3.0)
    sync (0.5.0)
    tzinfo (2.0.6)
      concurrent-ruby (~> 1.0)
    zeitwerk (2.6.7)

PLATFORMS
  x86_64-linux

DEPENDENCIES
  manageiq-api-client
  rbvmomi2

BUNDLED WITH
   2.3.26
